GEM
  remote: http://rubygems.org/
  specs:
    choice (0.1.6)
    git (1.2.5)
    jeweler (1.6.4)
      bundler (~> 1.0)
      git (>= 1.2.5)
      rake
    json (1.6.1)
    rake (0.9.2)
    rdoc (3.10)
      json (~> 1.4)
    shoulda (2.11.3)

PLATFORMS
  ruby

DEPENDENCIES
  bundler
  choice
  jeweler
  rake
  rdoc
  shoulda
